GEM
  remote: https://rubygems.org/
  specs:
    activesupport (3.2.14)
      i18n (~> 0.6, >= 0.6.4)
      multi_json (~> 1.0)
    awesome_print_motion (0.1.0)
    bubble-wrap (1.3.0.osx)
    i18n (0.6.5)
    ib (0.2.1)
      thor (~> 0.15.4)
      xcodeproj (>= 0.2.3)
    multi_json (1.8.0)
    rake (10.1.0)
    thor (0.15.4)
    xcodeproj (0.3.5)
      activesupport (~> 3.2.6)

PLATFORMS
  ruby

DEPENDENCIES
  awesome_print_motion
  bubble-wrap (= 1.3.0.osx)
  ib
  rake (>= 0.9.4)
  xcodeproj (= 0.3.5)
